GEM
  remote: https://rubygems.org/
  specs:
    concurrent-ruby (1.1.6)
    httparty (0.17.0)
      mime-types (~> 3.0)
      multi_xml (>= 0.5.2)
    mime-types (3.2.2)
      mime-types-data (~> 3.2015)
    mime-types-data (3.2019.0331)
    mini_portile2 (2.4.0)
    multi_xml (0.6.0)
    nokogiri (1.10.8)
      mini_portile2 (~> 2.4.0)

PLATFORMS
  ruby

DEPENDENCIES
  concurrent-ruby
  httparty
  nokogiri

BUNDLED WITH
   1.16.4
