GEM
  remote: https://rubygems.org/
  specs:
    concurrent-ruby (1.1.10)
    httparty (0.21.0)
      mini_mime (>= 1.0.0)
      multi_xml (>= 0.5.2)
    mini_mime (1.1.2)
    mini_portile2 (2.4.0)
    multi_xml (0.6.0)
    nokogiri (1.10.3)
      mini_portile2 (~> 2.4.0)

PLATFORMS
  ruby

DEPENDENCIES
  concurrent-ruby
  httparty
  nokogiri

BUNDLED WITH
   1.16.4
